GEM
  remote: https://rubygems.org/
  specs:
    coderay (1.1.3)
    method_source (0.9.2)
    minitest (5.14.3)
    pry (0.12.2)
      coderay (~> 1.1.0)
      method_source (~> 0.9.0)
    pry-nav (0.3.0)
      pry (>= 0.9.10, < 0.13.0)
    rake (13.0.3)

PLATFORMS
  ruby

DEPENDENCIES
  minitest
  pry
  pry-nav
  rake

BUNDLED WITH
   2.2.0.rc.1
